GEM
  remote: https://rubygems.org/
  specs:
    colorize (0.7.2)
    georuby (2.2.1)
    icalendar (2.0.1)
    oj (2.9.3)

PLATFORMS
  ruby

DEPENDENCIES
  colorize
  georuby
  icalendar
  oj
